PATH
  remote: .
  specs:
    mudpie (4.0)
      builder (~> 3.2)
      kramdown (~> 1.8)
      nokogiri (~> 1.6)
      rack (~> 1.6)
      sqlite3 (~> 1.3)
      term-ansicolor (~> 1.3)

GEM
  remote: https://rubygems.org/
  specs:
    builder (3.2.3)
    kramdown (1.14.0)
    mini_portile2 (2.2.0)
    nokogiri (1.8.0)
      mini_portile2 (~> 2.2.0)
    rack (1.6.8)
    rake (10.4.2)
    sqlite3 (1.3.13)
    term-ansicolor (1.6.0)
      tins (~> 1.0)
    tins (1.15.0)

PLATFORMS
  ruby
  x86_64-darwin-16

DEPENDENCIES
  bundler (~> 1.10)
  mudpie!
  rake (~> 10.4)

BUNDLED WITH
   1.14.5
