PATH
  remote: .
  specs:
    mudpie (4.0)
      kramdown
      sqlite3
      term-ansicolor

GEM
  remote: https://rubygems.org/
  specs:
    kramdown (1.8.0)
    rake (10.4.2)
    sqlite3 (1.3.10)
    term-ansicolor (1.3.2)
      tins (~> 1.0)
    tins (1.6.0)

PLATFORMS
  ruby

DEPENDENCIES
  bundler (~> 1.10)
  mudpie!
  rake (~> 10.4)

BUNDLED WITH
   1.10.6
