GEM
  remote: https://rubygems.org/
  specs:
    builder (3.2.0)
    hike (1.2.2)
    json (1.7.7)
    multi_json (1.7.3)
    rack (1.5.2)
    rake (10.0.4)
    redcarpet (2.2.2)
    sprockets (2.9.3)
      hike (~> 1.2)
      multi_json (~> 1.0)
      rack (~> 1.0)
      tilt (~> 1.1, != 1.3.0)
    sqlite3 (1.3.7)
    tilt (1.4.1)

PLATFORMS
  ruby

DEPENDENCIES
  builder (>= 3.2.0)
  json (~> 1.7.7)
  rake (>= 10.0.4)
  redcarpet (>= 2.2.2)
  sprockets (>= 2.9.3)
  sqlite3 (>= 1.3.7)
